GEM
  remote: https://rubygems.org/
  specs:
    ast (2.3.0)
    coveralls (0.8.20)
      json (>= 1.8, < 3)
      simplecov (~> 0.14.1)
      term-ansicolor (~> 1.3)
      thor (~> 0.19.4)
      tins (~> 1.6)
    docile (1.1.5)
    json (2.1.0)
    minitest (5.10.1)
    parser (2.4.0.0)
      ast (~> 2.2)
    powerpack (0.1.1)
    puma (3.8.2)
    rack (2.0.1)
    rainbow (2.2.1)
    rake (12.0.0)
    rubocop (0.48.1)
      parser (>= 2.3.3.1, < 3.0)
      powerpack (~> 0.1)
      rainbow (>= 1.99.1, < 3.0)
      ruby-progressbar (~> 1.7)
      unicode-display_width (~> 1.0, >= 1.0.1)
    ruby-progressbar (1.8.1)
    sequel (4.45.0)
    simplecov (0.14.1)
      docile (~> 1.1.0)
      json (>= 1.8, < 3)
      simplecov-html (~> 0.10.0)
    simplecov-html (0.10.0)
    sqlite3 (1.3.13)
    term-ansicolor (1.6.0)
      tins (~> 1.0)
    thor (0.19.4)
    tins (1.13.2)
    unicode-display_width (1.2.1)

PLATFORMS
  ruby

DEPENDENCIES
  coveralls
  minitest (~> 5.10.1)
  puma (~> 3.8.2)
  rack (~> 2.0.1)
  rake (~> 12.0.0)
  rubocop
  sequel
  sqlite3

RUBY VERSION
   ruby 2.4.1p111

BUNDLED WITH
   1.14.6
