GEM
  remote: https://rubygems.org/
  specs:
    ast (2.3.0)
    minitest (5.10.1)
    parser (2.4.0.0)
      ast (~> 2.2)
    powerpack (0.1.1)
    puma (3.8.2)
    rack (2.0.1)
    rainbow (2.2.1)
    rubocop (0.48.1)
      parser (>= 2.3.3.1, < 3.0)
      powerpack (~> 0.1)
      rainbow (>= 1.99.1, < 3.0)
      ruby-progressbar (~> 1.7)
      unicode-display_width (~> 1.0, >= 1.0.1)
    ruby-progressbar (1.8.1)
    unicode-display_width (1.2.1)

PLATFORMS
  ruby

DEPENDENCIES
  minitest (~> 5.10.1)
  puma
  rack (~> 2.0.1)
  rubocop

BUNDLED WITH
   1.14.6
